GEM
  remote: http://rubygems.org/
  specs:
    classifier (1.3.3)
      fast-stemmer (>= 1.0.0)
    coderay (1.1.0)
    coffee-script (2.2.0)
      coffee-script-source
      execjs
    coffee-script-source (1.6.3)
    colorator (0.1)
    commander (4.1.5)
      highline (~> 1.6.11)
    em-websocket (0.5.0)
      eventmachine (>= 0.12.9)
      http_parser.rb (~> 0.5.3)
    eventmachine (1.0.3)
    execjs (2.0.2)
    fast-stemmer (1.0.2)
    ffi (1.9.3)
    formatador (0.2.4)
    guard (1.8.3)
      formatador (>= 0.2.4)
      listen (~> 1.3)
      lumberjack (>= 1.0.2)
      pry (>= 0.9.10)
      thor (>= 0.14.6)
    guard-coffeescript (1.3.4)
      coffee-script (>= 2.2.0)
      guard (>= 1.1.0)
    guard-jekyll-plus (1.3.0)
      guard (>= 1.1.0)
      jekyll (>= 1.0.0)
    guard-livereload (1.4.0)
      em-websocket (>= 0.5.0)
      guard (>= 1.8.0)
      multi_json (~> 1.7)
    guard-sass (1.3.2)
      guard (>= 1.1.0)
      sass (>= 3.1)
    highline (1.6.20)
    http_parser.rb (0.5.3)
    jekyll (1.3.1)
      classifier (~> 1.3)
      colorator (~> 0.1)
      commander (~> 4.1.3)
      liquid (~> 2.5.2)
      listen (~> 1.3)
      maruku (~> 0.6.0)
      pygments.rb (~> 0.5.0)
      redcarpet (~> 2.3.0)
      safe_yaml (~> 0.9.7)
    liquid (2.5.4)
    listen (1.3.1)
      rb-fsevent (>= 0.9.3)
      rb-inotify (>= 0.9)
      rb-kqueue (>= 0.2)
    lumberjack (1.0.4)
    maruku (0.6.1)
      syntax (>= 1.0.0)
    method_source (0.8.2)
    multi_json (1.8.2)
    nokogiri (1.5.10)
    posix-spawn (0.3.6)
    pry (0.9.12.4)
      coderay (~> 1.0)
      method_source (~> 0.8)
      slop (~> 3.4)
    pygments.rb (0.5.4)
      posix-spawn (~> 0.3.6)
      yajl-ruby (~> 1.1.0)
    rake (10.0.4)
    rb-fsevent (0.9.3)
    rb-inotify (0.9.2)
      ffi (>= 0.5.0)
    rb-kqueue (0.2.0)
      ffi (>= 0.5.0)
    rdiscount (2.1.7)
    redcarpet (2.3.0)
    safe_yaml (0.9.7)
    sass (3.3.5)
    slop (3.4.7)
    sqlite3 (1.3.8)
    syntax (1.0.0)
    thor (0.18.1)
    yajl-ruby (1.1.0)

PLATFORMS
  ruby

DEPENDENCIES
  guard (~> 1.8.1)
  guard-coffeescript (~> 1.3.2)
  guard-jekyll-plus (~> 1.3.0)
  guard-livereload (~> 1.4.0)
  guard-sass
  jekyll (~> 1.3.0)
  nokogiri (~> 1.5.9)
  rake (~> 10.0.4)
  rb-fsevent (~> 0.9.1)
  rdiscount (~> 2.1.6)
  sass (~> 3.3.5)
  sqlite3 (~> 1.3.7)
